GEM
  remote: http://rubygems.org/
  specs:
    addressable (2.3.2)
    backports (2.7.1)
    coderay (1.0.8)
    faraday (0.8.4)
      multipart-post (~> 1.1)
    faraday_middleware (0.9.0)
      faraday (>= 0.7.4, < 0.9)
    gh (0.9.1)
      addressable
      backports (~> 2.3)
      faraday (~> 0.8)
      multi_json (~> 1.0)
      net-http-persistent (>= 2.7)
      net-http-pipeline
    git (1.2.5)
    hashr (0.0.22)
    highline (1.6.15)
    jeweler (1.8.4)
      bundler (~> 1.0)
      git (>= 1.2.5)
      rake
      rdoc
    json (1.7.6)
    launchy (2.1.2)
      addressable (~> 2.3)
    method_source (0.8.1)
    multi_json (1.5.0)
    multipart-post (1.1.5)
    net-http-persistent (2.8)
    net-http-pipeline (1.0.1)
    netrc (0.7.7)
    pry (0.9.11.4)
      coderay (~> 1.0.5)
      method_source (~> 0.8)
      slop (~> 3.4)
    rake (10.0.3)
    rcov (1.0.0)
    rdoc (3.12)
      json (~> 1.4)
    shoulda-context (1.0.2)
    simplecov (0.7.1)
      multi_json (~> 1.0)
      simplecov-html (~> 0.7.1)
    simplecov-html (0.7.1)
    slop (3.4.3)
    travis (1.1.3)
      backports (~> 2.6)
      faraday (~> 0.8)
      faraday_middleware (~> 0.9)
      gh (~> 0.9)
      highline (~> 1.6)
      launchy (~> 2.1)
      net-http-persistent (~> 2.8)
      netrc (~> 0.7)
      pry (~> 0.9)
    travis-lint (1.5.0)
      hashr (~> 0.0.22)

PLATFORMS
  ruby

DEPENDENCIES
  bundler (~> 1.2.3)
  jeweler (~> 1.8.4)
  rcov
  rdoc (~> 3.12)
  shoulda-context
  simplecov
  travis
  travis-lint
