GEM
  remote: http://rubygems.org/
  specs:
    git (1.2.5)
    jeweler (1.8.4)
      bundler (~> 1.0)
      git (>= 1.2.5)
      rake
      rdoc
    json (1.7.6)
    rake (10.0.3)
    rcov (1.0.0)
    rdoc (3.12)
      json (~> 1.4)
    shoulda-context (1.0.2)

PLATFORMS
  ruby

DEPENDENCIES
  bundler (~> 1.2.3)
  jeweler (~> 1.8.4)
  rcov
  rdoc (~> 3.12)
  shoulda-context
